GEM
  remote: https://rubygems.org/
  specs:
    chronic_duration (0.10.6)
      numerizer (~> 0.1.1)
    icalendar (2.3.0)
    numerizer (0.1.1)
    slack-notifier (1.2.1)

PLATFORMS
  ruby

DEPENDENCIES
  chronic_duration
  icalendar
  slack-notifier

RUBY VERSION
   ruby 2.2.4p230

BUNDLED WITH
   1.16.4
